PATH
  remote: .
  specs:
    mailkit (0.0.6)
      mail (~> 2.4.1)
      postmark-mitt (~> 0.0.5)

GEM
  remote: http://rubygems.org/
  specs:
    gemfury (0.0.1)
    i18n (0.6.0)
    json_pure (1.6.5)
    mail (2.4.4)
      i18n (>= 0.4.0)
      mime-types (~> 1.16)
      treetop (~> 1.4.8)
    metaclass (0.0.1)
    mime-types (1.18)
    mocha (0.10.5)
      metaclass (~> 0.0.1)
    multi_json (1.3.6)
    polyglot (0.3.3)
    postmark-mitt (0.0.5)
      json_pure
      multi_json
      multi_json
    sqlite3 (1.3.5)
    treetop (1.4.10)
      polyglot
      polyglot (>= 0.3.1)

PLATFORMS
  ruby

DEPENDENCIES
  gemfury
  mailkit!
  mocha
  sqlite3
